GEM
  remote: https://rubygems.org/
  specs:
    async (1.27.0)
      console (~> 1.10)
      nio4r (~> 2.3)
      timers (~> 4.1)
    async-await (0.5.0)
      async (~> 1.3)
      ruby2_keywords
    console (1.10.1)
      fiber-local
    fiber-local (1.0.0)
    mini_portile2 (2.4.0)
    nio4r (2.5.4)
    nokogiri (1.10.10)
      mini_portile2 (~> 2.4.0)
    ruby2_keywords (0.0.2)
    timers (4.3.2)

PLATFORMS
  ruby

DEPENDENCIES
  async-await
  nokogiri

BUNDLED WITH
   2.1.4
